PATH
  remote: .
  specs:
    dynamoid (0.5.1)
      activemodel (< 6)
      activemodel-serializers-xml (~> 1.0.2)
      activesupport (< 6)
      aws-sdk-v1
      json (~> 1.8.3)
      tzinfo

GEM
  remote: http://rubygems.org/
  specs:
    activemodel (5.0.3)
      activesupport (= 5.0.3)
    activemodel-serializers-xml (1.0.2)
      activemodel (> 5.x)
      activesupport (> 5.x)
      builder (~> 3.1)
    activesupport (5.0.3)
      concurrent-ruby (~> 1.0, >= 1.0.2)
      i18n (~> 0.7)
      minitest (~> 5.1)
      tzinfo (~> 1.1)
    aws-sdk-v1 (1.67.0)
      json (~> 1.4)
      nokogiri (~> 1)
    builder (3.2.3)
    concurrent-ruby (1.0.5)
    diff-lcs (1.3)
    fake_dynamo (0.1.4)
      activesupport
      json
      sinatra
    github-markup (0.7.5)
    i18n (0.8.4)
    json (1.8.3)
    metaclass (0.0.4)
    mini_portile2 (2.3.0)
    minitest (5.10.2)
    mocha (1.2.1)
      metaclass (~> 0.0.1)
    nokogiri (1.8.5)
      mini_portile2 (~> 2.3.0)
    rack (1.5.2)
    rack-protection (1.5.3)
      rack
    rake (10.5.0)
    redcarpet (1.17.2)
    rspec (3.6.0)
      rspec-core (~> 3.6.0)
      rspec-expectations (~> 3.6.0)
      rspec-mocks (~> 3.6.0)
    rspec-core (3.6.0)
      rspec-support (~> 3.6.0)
    rspec-expectations (3.6.0)
      diff-lcs (>= 1.2.0, < 2.0)
      rspec-support (~> 3.6.0)
    rspec-mocks (3.6.0)
      diff-lcs (>= 1.2.0, < 2.0)
      rspec-support (~> 3.6.0)
    rspec-support (3.6.0)
    sinatra (1.4.6)
      rack (~> 1.4)
      rack-protection (~> 1.4)
      tilt (>= 1.3, < 3)
    thread_safe (0.3.6)
    tilt (2.0.1)
    tzinfo (1.2.3)
      thread_safe (~> 0.1)
    yard (0.8.7)

PLATFORMS
  ruby

DEPENDENCIES
  bundler (~> 1.14)
  dynamoid!
  fake_dynamo (~> 0.1.3)
  github-markup
  mocha (~> 1.1)
  rake (~> 10.4)
  redcarpet (>= 1.17.2)
  rspec (~> 3.2)
  yard

BUNDLED WITH
   1.16.1
